GEM
  remote: http://rubygems.org/
  remote: http://gems.github.com/
  specs:
    em-hiredis (0.1.1)
      hiredis (~> 0.4.0)
    em-synchrony (1.0.3)
      eventmachine (>= 1.0.0.beta.1)
    em-websocket (0.4.0)
      eventmachine (>= 0.12.9)
      http_parser.rb (~> 0.5.3)
    eventmachine (1.2.0.1)
    hiredis (0.4.5)
    http_parser.rb (0.5.3)
    json (2.0.1)
    redis (3.3.3)
    redis-em-mutex (0.3.1)
      eventmachine (>= 1.0.0.beta.1)
      hiredis (~> 0.4.5)
      redis (>= 3.0.2)

PLATFORMS
  ruby

DEPENDENCIES
  em-hiredis
  em-synchrony
  em-websocket
  json
  redis-em-mutex

BUNDLED WITH
   1.12.5
